PATH
  remote: .
  specs:
    goggleme (0.1.0)
      amazing_print (~> 1.2)
      jwt (~> 2.2)
      launchy (~> 2.5)
      thor (~> 1.1)

GEM
  remote: https://rubygems.org/
  specs:
    addressable (2.7.0)
      public_suffix (>= 2.0.2, < 5.0)
    amazing_print (1.2.2)
    jwt (2.2.2)
    launchy (2.5.0)
      addressable (~> 2.7)
    public_suffix (4.0.6)
    rake (13.0.3)
    thor (1.1.0)

PLATFORMS
  x86_64-darwin-19
  x86_64-linux

DEPENDENCIES
  goggleme!
  rake (~> 13.0)

BUNDLED WITH
   2.2.13
